GIT
  remote: git://github.com/amair/pivotal-tracker.git
  revision: 1897bd5986da96cd228c90097bba4415d70c3159
  ref: 1897bd5986da96cd228c90097bba4415d70c3159
  specs:
    pivotal-tracker (0.5.10)
      builder
      builder
      crack
      happymapper (>= 0.3.2)
      nokogiri (>= 1.4.3)
      nokogiri (>= 1.5.5)
      nokogiri-happymapper (>= 0.5.4)
      rest-client (~> 1.6.0)
      rest-client (~> 1.6.0)

GEM
  remote: https://rubygems.org/
  specs:
    activesupport (3.2.13)
      i18n (= 0.6.1)
      multi_json (~> 1.0)
    airbrake (3.1.6)
      builder
      girl_friday
    builder (3.2.0)
    connection_pool (0.9.2)
    crack (0.3.2)
    girl_friday (0.11.1)
      connection_pool (~> 0.9.0)
      rubinius-actor
    happymapper (0.4.0)
      libxml-ruby (~> 2.0)
    i18n (0.6.1)
    kgio (2.8.0)
    libxml-ruby (2.6.0)
    mime-types (1.23)
    multi_json (1.7.1)
    nokogiri (1.5.9)
    nokogiri-happymapper (0.5.7)
      nokogiri (~> 1.5)
    rack (1.5.2)
    rack-protection (1.5.0)
      rack
    rack-ssl-enforcer (0.2.5)
    raindrops (0.10.0)
    rest-client (1.6.7)
      mime-types (>= 1.16)
    rubinius-actor (0.0.2)
      rubinius-core-api
    rubinius-core-api (0.0.1)
    sinatra (1.4.2)
      rack (~> 1.5, >= 1.5.2)
      rack-protection (~> 1.4)
      tilt (~> 1.3, >= 1.3.4)
    tilt (1.4.1)
    unicorn (4.3.1)
      kgio (~> 2.6)
      rack
      raindrops (~> 0.7)

PLATFORMS
  ruby

DEPENDENCIES
  activesupport
  airbrake
  pivotal-tracker!
  rack-ssl-enforcer
  rest-client
  sinatra
  unicorn
